GEM
  remote: http://rubygems.org/
  specs:
    ffi (1.1.5)
    mime-types (1.19)
    rack (1.4.1)
    rack-protection (1.2.0)
      rack
    sinatra (1.3.3)
      rack (~> 1.3, >= 1.3.6)
      rack-protection (~> 1.2)
      tilt (~> 1.3, >= 1.3.3)
    tilt (1.3.3)
    typhoeus (0.4.2)
      ffi (~> 1.0)
      mime-types (~> 1.18)

PLATFORMS
  ruby

DEPENDENCIES
  sinatra
  typhoeus
